PATH
  remote: ../playbook
  specs:
    playbook_ui (13.28.0)
      actionpack (>= 5.2.4.5)
      actionview (>= 5.2.4.5)
      activesupport (>= 5.2.4.5)
      react-rails (= 2.6.1)
      view_component (= 2.55.0)
      webpacker-react (~> 0.3.2)

GEM
  remote: https://rubygems.org/
  specs:
    actioncable (7.0.8.1)
      actionpack (= 7.0.8.1)
      activesupport (= 7.0.8.1)
      nio4r (~> 2.0)
      websocket-driver (>= 0.6.1)
    actionmailbox (7.0.8.1)
      actionpack (= 7.0.8.1)
      activejob (= 7.0.8.1)
      activerecord (= 7.0.8.1)
      activestorage (= 7.0.8.1)
      activesupport (= 7.0.8.1)
      mail (>= 2.7.1)
      net-imap
      net-pop
      net-smtp
    actionmailer (7.0.8.1)
      actionpack (= 7.0.8.1)
      actionview (= 7.0.8.1)
      activejob (= 7.0.8.1)
      activesupport (= 7.0.8.1)
      mail (~> 2.5, >= 2.5.4)
      net-imap
      net-pop
      net-smtp
      rails-dom-testing (~> 2.0)
    actionpack (7.0.8.1)
      actionview (= 7.0.8.1)
      activesupport (= 7.0.8.1)
      rack (~> 2.0, >= 2.2.4)
      rack-test (>= 0.6.3)
      rails-dom-testing (~> 2.0)
      rails-html-sanitizer (~> 1.0, >= 1.2.0)
    actiontext (7.0.8.1)
      actionpack (= 7.0.8.1)
      activerecord (= 7.0.8.1)
      activestorage (= 7.0.8.1)
      activesupport (= 7.0.8.1)
      globalid (>= 0.6.0)
      nokogiri (>= 1.8.5)
    actionview (7.0.8.1)
      activesupport (= 7.0.8.1)
      builder (~> 3.1)
      erubi (~> 1.4)
      rails-dom-testing (~> 2.0)
      rails-html-sanitizer (~> 1.1, >= 1.2.0)
    activejob (7.0.8.1)
      activesupport (= 7.0.8.1)
      globalid (>= 0.3.6)
    activemodel (7.0.8.1)
      activesupport (= 7.0.8.1)
    activerecord (7.0.8.1)
      activemodel (= 7.0.8.1)
      activesupport (= 7.0.8.1)
    activestorage (7.0.8.1)
      actionpack (= 7.0.8.1)
      activejob (= 7.0.8.1)
      activerecord (= 7.0.8.1)
      activesupport (= 7.0.8.1)
      marcel (~> 1.0)
      mini_mime (>= 1.1.0)
    activesupport (7.0.8.1)
      concurrent-ruby (~> 1.0, >= 1.0.2)
      i18n (>= 1.6, < 2)
      minitest (>= 5.1)
      tzinfo (~> 2.0)
    addressable (2.8.2)
      public_suffix (>= 2.0.2, < 6.0)
    archive-zip (0.12.0)
      io-like (~> 0.3.0)
    ast (2.4.2)
    babel-source (5.8.35)
    babel-transpiler (0.7.0)
      babel-source (>= 4.0, < 6)
      execjs (~> 2.0)
    better_errors (2.10.1)
      erubi (>= 1.0.0)
      rack (>= 0.9.0)
      rouge (>= 1.0.0)
    bindex (0.8.1)
    binding_of_caller (1.0.0)
      debug_inspector (>= 0.0.1)
    bootsnap (1.16.0)
      msgpack (~> 1.2)
    builder (3.2.4)
    byebug (11.1.3)
    capybara (3.39.0)
      addressable
      matrix
      mini_mime (>= 0.1.3)
      nokogiri (~> 1.8)
      rack (>= 1.6.0)
      rack-test (>= 0.6.3)
      regexp_parser (>= 1.5, < 3.0)
      xpath (~> 3.2)
    chromedriver-helper (2.1.1)
      archive-zip (~> 0.10)
      nokogiri (~> 1.8)
    concurrent-ruby (1.2.3)
    connection_pool (2.4.1)
    crass (1.0.6)
    date (3.3.4)
    debug_inspector (1.1.0)
    erubi (1.12.0)
    execjs (2.9.1)
    faker (3.2.0)
      i18n (>= 1.8.11, < 2)
    ffi (1.16.3)
    front_matter_parser (1.0.1)
    globalid (1.2.1)
      activesupport (>= 6.1)
    health_check (3.1.0)
      railties (>= 5.0)
    i18n (1.14.4)
      concurrent-ruby (~> 1.0)
    io-like (0.3.1)
    json (2.7.1)
    language_server-protocol (3.17.0.3)
    listen (3.9.0)
      rb-fsevent (~> 0.10, >= 0.10.3)
      rb-inotify (~> 0.9, >= 0.9.10)
    loofah (2.22.0)
      crass (~> 1.0.2)
      nokogiri (>= 1.12.0)
    mail (2.8.1)
      mini_mime (>= 0.1.1)
      net-imap
      net-pop
      net-smtp
    marcel (1.0.4)
    matrix (0.4.2)
    method_source (1.0.0)
    mini_mime (1.1.5)
    minitest (5.22.3)
    msgpack (1.5.2)
    net-imap (0.4.10)
      date
      net-protocol
    net-pop (0.1.2)
      net-protocol
    net-protocol (0.2.2)
      timeout
    net-smtp (0.4.0.1)
      net-protocol
    nio4r (2.7.1)
    nokogiri (1.16.3-arm64-darwin)
      racc (~> 1.4)
    nokogiri (1.16.3-x86_64-darwin)
      racc (~> 1.4)
    nokogiri (1.16.3-x86_64-linux)
      racc (~> 1.4)
    parallel (1.24.0)
    parser (3.3.0.5)
      ast (~> 2.4.1)
      racc
    psych (3.3.4)
    public_suffix (4.0.7)
    puma (6.3.1)
      nio4r (~> 2.0)
    racc (1.7.3)
    rack (2.2.9)
    rack-proxy (0.7.7)
      rack
    rack-test (2.1.0)
      rack (>= 1.3)
    rails (7.0.8.1)
      actioncable (= 7.0.8.1)
      actionmailbox (= 7.0.8.1)
      actionmailer (= 7.0.8.1)
      actionpack (= 7.0.8.1)
      actiontext (= 7.0.8.1)
      actionview (= 7.0.8.1)
      activejob (= 7.0.8.1)
      activemodel (= 7.0.8.1)
      activerecord (= 7.0.8.1)
      activestorage (= 7.0.8.1)
      activesupport (= 7.0.8.1)
      bundler (>= 1.15.0)
      railties (= 7.0.8.1)
    rails-dom-testing (2.2.0)
      activesupport (>= 5.0.0)
      minitest
      nokogiri (>= 1.6)
    rails-html-sanitizer (1.6.0)
      loofah (~> 2.21)
      nokogiri (~> 1.14)
    railties (7.0.8.1)
      actionpack (= 7.0.8.1)
      activesupport (= 7.0.8.1)
      method_source
      rake (>= 12.2)
      thor (~> 1.0)
      zeitwerk (~> 2.5)
    rainbow (3.1.1)
    rake (13.1.0)
    rb-fsevent (0.11.2)
    rb-inotify (0.10.1)
      ffi (~> 1.0)
    react-rails (2.6.1)
      babel-transpiler (>= 0.7.0)
      connection_pool
      execjs
      railties (>= 3.2)
      tilt
    redcarpet (3.6.0)
    regexp_parser (2.9.0)
    rexml (3.2.6)
    rouge (3.30.0)
    rubocop (1.62.1)
      json (~> 2.3)
      language_server-protocol (>= 3.17.0)
      parallel (~> 1.10)
      parser (>= 3.3.0.2)
      rainbow (>= 2.2.2, < 4.0)
      regexp_parser (>= 1.8, < 3.0)
      rexml (>= 3.2.5, < 4.0)
      rubocop-ast (>= 1.31.1, < 2.0)
      ruby-progressbar (~> 1.7)
      unicode-display_width (>= 2.4.0, < 3.0)
    rubocop-ast (1.31.2)
      parser (>= 3.3.0.4)
    rubocop-performance (1.20.2)
      rubocop (>= 1.48.1, < 2.0)
      rubocop-ast (>= 1.30.0, < 2.0)
    ruby-progressbar (1.13.0)
    rubyzip (2.3.2)
    selenium-webdriver (4.8.6)
      rexml (~> 3.2, >= 3.2.5)
      rubyzip (>= 1.2.2, < 3.0)
      websocket (~> 1.0)
    semantic_range (3.0.0)
    sentry-rails (5.11.0)
      railties (>= 5.0)
      sentry-ruby (~> 5.11.0)
    sentry-ruby (5.11.0)
      concurrent-ruby (~> 1.0, >= 1.0.2)
    thor (1.3.1)
    tilt (2.3.0)
    timeout (0.4.1)
    turbo-rails (1.4.0)
      actionpack (>= 6.0.0)
      activejob (>= 6.0.0)
      railties (>= 6.0.0)
    tzinfo (2.0.6)
      concurrent-ruby (~> 1.0)
    tzinfo-data (1.2022.1)
      tzinfo (>= 1.0.0)
    unicode-display_width (2.5.0)
    view_component (2.55.0)
      activesupport (>= 5.0.0, < 8.0)
      method_source (~> 1.0)
    web-console (4.2.1)
      actionview (>= 6.0.0)
      activemodel (>= 6.0.0)
      bindex (>= 0.4.0)
      railties (>= 6.0.0)
    webpacker (5.4.4)
      activesupport (>= 5.2)
      rack-proxy (>= 0.6.1)
      railties (>= 5.2)
      semantic_range (>= 2.3.0)
    webpacker-react (0.3.2)
      webpacker
    websocket (1.2.9)
    websocket-driver (0.7.6)
      websocket-extensions (>= 0.1.0)
    websocket-extensions (0.1.5)
    will_paginate (3.3.1)
    xpath (3.2.0)
      nokogiri (~> 1.8)
    zeitwerk (2.6.13)

PLATFORMS
  arm64-darwin-21
  arm64-darwin-22
  arm64-darwin-23
  x86_64-darwin-20
  x86_64-darwin-21
  x86_64-darwin-22
  x86_64-darwin-23
  x86_64-linux

DEPENDENCIES
  better_errors
  binding_of_caller
  bootsnap (>= 1.1.0)
  byebug
  capybara (>= 2.15)
  chromedriver-helper
  faker
  front_matter_parser (~> 1.0.1)
  health_check
  listen
  playbook_ui!
  psych (< 4)
  puma (~> 6.3)
  rails (~> 7.0.8)
  redcarpet (~> 3.6)
  rouge (~> 3.15)
  rubocop
  rubocop-performance
  selenium-webdriver
  sentry-rails
  sentry-ruby
  turbo-rails (~> 1.4.0)
  tzinfo-data
  web-console
  webpacker (= 5.4.4)
  will_paginate

RUBY VERSION
   ruby 3.3.0p0

BUNDLED WITH
   2.5.3
